GEM
  remote: https://rubygems.org/
  specs:
    json (1.8.3)
    rack (1.6.4)
    rack-protection (1.5.3)
      rack
    rethinkdb (2.2.0.2)
      json
    sinatra (1.4.6)
      rack (~> 1.4)
      rack-protection (~> 1.4)
      tilt (>= 1.3, < 3)
    tilt (2.0.2)

PLATFORMS
  ruby

DEPENDENCIES
  rethinkdb
  sinatra

BUNDLED WITH
   1.11.2
